GEM
  remote: https://rubygems.org/
  specs:
    byebug (8.2.4)
    google_places (0.32.0)
      httparty (~> 0.13.1)
    httparty (0.13.7)
      json (~> 1.8)
      multi_xml (>= 0.5.2)
    json (1.8.3)
    multi_xml (0.5.5)
    sinatra-cross_origin (0.3.2)

PLATFORMS
  ruby

DEPENDENCIES
  byebug
  google_places
  sinatra-cross_origin (~> 0.3.1)

BUNDLED WITH
   1.11.2
